GIT
  remote: https://github.com/ice-cube-ruby/ice_cube.git
  revision: 6b97e77c106cd6662cb7292a5f59b01e4ccaedc6
  ref: 6b97e77c106cd6662cb7292a5f59b01e4ccaedc6
  specs:
    ice_cube (0.16.4)

GIT
  remote: https://github.com/scoutplan/daypack.git
  revision: 13f145ddfc3765d2681ae8a48f392011977b6cc1
  specs:
    daypack (0.1.0)

GEM
  remote: https://rubygems.org/
  specs:
    StreetAddress (1.0.6)
    actioncable (7.0.8)
      actionpack (= 7.0.8)
      activesupport (= 7.0.8)
      nio4r (~> 2.0)
      websocket-driver (>= 0.6.1)
    actionmailbox (7.0.8)
      actionpack (= 7.0.8)
      activejob (= 7.0.8)
      activerecord (= 7.0.8)
      activestorage (= 7.0.8)
      activesupport (= 7.0.8)
      mail (>= 2.7.1)
      net-imap
      net-pop
      net-smtp
    actionmailer (7.0.8)
      actionpack (= 7.0.8)
      actionview (= 7.0.8)
      activejob (= 7.0.8)
      activesupport (= 7.0.8)
      mail (~> 2.5, >= 2.5.4)
      net-imap
      net-pop
      net-smtp
      rails-dom-testing (~> 2.0)
    actionpack (7.0.8)
      actionview (= 7.0.8)
      activesupport (= 7.0.8)
      rack (~> 2.0, >= 2.2.4)
      rack-test (>= 0.6.3)
      rails-dom-testing (~> 2.0)
      rails-html-sanitizer (~> 1.0, >= 1.2.0)
    actiontext (7.0.8)
      actionpack (= 7.0.8)
      activerecord (= 7.0.8)
      activestorage (= 7.0.8)
      activesupport (= 7.0.8)
      globalid (>= 0.6.0)
      nokogiri (>= 1.8.5)
    actionview (7.0.8)
      activesupport (= 7.0.8)
      builder (~> 3.1)
      erubi (~> 1.4)
      rails-dom-testing (~> 2.0)
      rails-html-sanitizer (~> 1.1, >= 1.2.0)
    active_storage_validations (1.0.4)
      activejob (>= 5.2.0)
      activemodel (>= 5.2.0)
      activestorage (>= 5.2.0)
      activesupport (>= 5.2.0)
    activejob (7.0.8)
      activesupport (= 7.0.8)
      globalid (>= 0.3.6)
    activemodel (7.0.8)
      activesupport (= 7.0.8)
    activerecord (7.0.8)
      activemodel (= 7.0.8)
      activesupport (= 7.0.8)
    activestorage (7.0.8)
      actionpack (= 7.0.8)
      activejob (= 7.0.8)
      activerecord (= 7.0.8)
      activesupport (= 7.0.8)
      marcel (~> 1.0)
      mini_mime (>= 1.1.0)
    activesupport (7.0.8)
      concurrent-ruby (~> 1.0, >= 1.0.2)
      i18n (>= 1.6, < 2)
      minitest (>= 5.1)
      tzinfo (~> 2.0)
    acts-as-taggable-on (9.0.1)
      activerecord (>= 6.0, < 7.1)
    acts_as_list (1.1.0)
      activerecord (>= 4.2)
    addressable (2.8.4)
      public_suffix (>= 2.0.2, < 6.0)
    ahoy_email (2.1.3)
      actionmailer (>= 5)
      addressable (>= 2.3.2)
      nokogiri
      safely_block (>= 0.1.1)
    ahoy_matey (4.2.1)
      activesupport (>= 5.2)
      device_detector
      safely_block (>= 0.2.1)
    ast (2.4.2)
    auto_strip_attributes (2.6.0)
      activerecord (>= 4.0)
    awesome_print (1.9.2)
    aws-eventstream (1.2.0)
    aws-partitions (1.782.0)
    aws-sdk-core (3.176.1)
      aws-eventstream (~> 1, >= 1.0.2)
      aws-partitions (~> 1, >= 1.651.0)
      aws-sigv4 (~> 1.5)
      jmespath (~> 1, >= 1.6.1)
    aws-sdk-kms (1.68.0)
      aws-sdk-core (~> 3, >= 3.176.0)
      aws-sigv4 (~> 1.1)
    aws-sdk-s3 (1.127.0)
      aws-sdk-core (~> 3, >= 3.176.0)
      aws-sdk-kms (~> 1)
      aws-sigv4 (~> 1.6)
    aws-sigv4 (1.6.0)
      aws-eventstream (~> 1, >= 1.0.2)
    bcrypt (3.1.19)
    bindex (0.8.1)
    blazer (2.6.5)
      activerecord (>= 5)
      chartkick (>= 3.2)
      railties (>= 5)
      safely_block (>= 0.1.1)
    bootsnap (1.16.0)
      msgpack (~> 1.2)
    builder (3.2.4)
    byebug (11.1.3)
    capybara (3.39.2)
      addressable
      matrix
      mini_mime (>= 0.1.3)
      nokogiri (~> 1.8)
      rack (>= 1.6.0)
      rack-test (>= 0.6.3)
      regexp_parser (>= 1.5, < 3.0)
      xpath (~> 3.2)
    character_set (1.7.0)
    chartkick (5.0.2)
    chroma (0.2.0)
    client_side_validations (21.0.0)
      js_regex (~> 3.7)
      rails (>= 5.2, < 7.1)
    coderay (1.1.3)
    colorize (1.1.0)
    concurrent-ruby (1.2.2)
    connection_pool (2.4.1)
    convert_api (1.3.2)
    crass (1.0.6)
    cuprite (0.14.3)
      capybara (~> 3.0)
      ferrum (~> 0.13.0)
    date (3.3.3)
    device_detector (1.1.0)
    devise (4.9.2)
      bcrypt (~> 3.0)
      orm_adapter (~> 0.1)
      railties (>= 4.1.0)
      responders
      warden (~> 1.2.3)
    devise_invitable (2.0.8)
      actionmailer (>= 5.0)
      devise (>= 4.6)
    diff-lcs (1.5.0)
    docile (1.4.0)
    domain_name (0.5.20190701)
      unf (>= 0.0.5, < 1.0.0)
    dotenv (2.8.1)
    dotenv-rails (2.8.1)
      dotenv (= 2.8.1)
      railties (>= 3.2)
    erubi (1.12.0)
    et-orbi (1.2.7)
      tzinfo
    factory_bot (6.2.1)
      activesupport (>= 5.0.0)
    factory_bot_rails (6.2.0)
      factory_bot (~> 6.2.0)
      railties (>= 5.0.0)
    faker (3.2.0)
      i18n (>= 1.8.11, < 2)
    faraday (2.7.9)
      faraday-net_http (>= 2.0, < 3.1)
      ruby2_keywords (>= 0.0.4)
    faraday-multipart (1.0.4)
      multipart-post (~> 2)
    faraday-net_http (3.0.2)
    ferrum (0.13)
      addressable (~> 2.5)
      concurrent-ruby (~> 1.1)
      webrick (~> 1.7)
      websocket-driver (>= 0.6, < 0.8)
    ffi (1.15.5)
    ffi-compiler (1.0.1)
      ffi (>= 1.0.0)
      rake
    flipper (0.28.0)
      concurrent-ruby (< 2)
    flipper-active_record (0.28.0)
      activerecord (>= 4.2, < 8)
      flipper (~> 0.28.0)
    flipper-ui (0.28.0)
      erubi (>= 1.0.0, < 2.0.0)
      flipper (~> 0.28.0)
      rack (>= 1.4, < 3)
      rack-protection (>= 1.5.3, <= 4.0.0)
      sanitize (< 7)
    fugit (1.8.1)
      et-orbi (~> 1, >= 1.2.7)
      raabro (~> 1.4)
    geared_pagination (1.1.2)
      activesupport (>= 5.0)
      addressable (>= 2.5.0)
    globalid (1.2.1)
      activesupport (>= 6.1)
    hashie (5.0.0)
    honeybadger (4.12.2)
    http (5.1.1)
      addressable (~> 2.8)
      http-cookie (~> 1.0)
      http-form_data (~> 2.2)
      llhttp-ffi (~> 0.4.0)
    http-cookie (1.0.5)
      domain_name (~> 0.5)
    http-form_data (2.3.0)
    humanize (2.5.1)
    i18n (1.14.1)
      concurrent-ruby (~> 1.0)
    icalendar (2.8.0)
      ice_cube (~> 0.16)
    image_processing (1.12.2)
      mini_magick (>= 4.9.5, < 5)
      ruby-vips (>= 2.0.17, < 3)
    importmap-rails (1.2.1)
      actionpack (>= 6.0.0)
      railties (>= 6.0.0)
    jmespath (1.6.2)
    js_regex (3.11.0)
      character_set (~> 1.4)
      regexp_parser (>= 2.6.2, < 3.0.0)
      regexp_property_values (~> 1.0)
    json (2.6.3)
    jwt (2.7.1)
    language_server-protocol (3.17.0.3)
    launchy (2.5.2)
      addressable (~> 2.8)
    ledermann-rails-settings (2.5.0)
      activerecord (>= 4.2)
    lint_roller (1.0.0)
    listen (3.8.0)
      rb-fsevent (~> 0.10, >= 0.10.3)
      rb-inotify (~> 0.9, >= 0.9.10)
    llhttp-ffi (0.4.0)
      ffi-compiler (~> 1.0)
      rake (~> 13.0)
    lograge (0.12.0)
      actionpack (>= 4)
      activesupport (>= 4)
      railties (>= 4)
      request_store (~> 1.0)
    loofah (2.21.3)
      crass (~> 1.0.2)
      nokogiri (>= 1.12.0)
    mail (2.8.1)
      mini_mime (>= 0.1.1)
      net-imap
      net-pop
      net-smtp
    marcel (1.0.2)
    matrix (0.4.2)
    method_source (1.0.0)
    mini_magick (4.12.0)
    mini_mime (1.1.5)
    minitest (5.20.0)
    msgpack (1.7.1)
    multi_xml (0.6.0)
    multipart-post (2.3.0)
    net-imap (0.3.7)
      date
      net-protocol
    net-pop (0.1.2)
      net-protocol
    net-protocol (0.2.1)
      timeout
    net-smtp (0.3.3)
      net-protocol
    nio4r (2.5.9)
    nokogiri (1.15.4-aarch64-linux)
      racc (~> 1.4)
    nokogiri (1.15.4-arm64-darwin)
      racc (~> 1.4)
    nokogiri (1.15.4-x86_64-linux)
      racc (~> 1.4)
    noticed (1.6.3)
      http (>= 4.0.0)
      rails (>= 5.2.0)
    oauth2 (2.0.9)
      faraday (>= 0.17.3, < 3.0)
      jwt (>= 1.0, < 3.0)
      multi_xml (~> 0.5)
      rack (>= 1.2, < 4)
      snaky_hash (~> 2.0)
      version_gem (~> 1.1)
    omniauth (2.1.1)
      hashie (>= 3.4.6)
      rack (>= 2.2.3)
      rack-protection
    omniauth-google-oauth2 (1.1.1)
      jwt (>= 2.0)
      oauth2 (~> 2.0.6)
      omniauth (~> 2.0)
      omniauth-oauth2 (~> 1.8.0)
    omniauth-oauth2 (1.8.0)
      oauth2 (>= 1.4, < 3)
      omniauth (~> 2.0)
    omniauth-rails_csrf_protection (1.0.1)
      actionpack (>= 4.2)
      omniauth (~> 2.0)
    openweathermap (0.2.3)
    orm_adapter (0.5.0)
    paper_trail (14.0.0)
      activerecord (>= 6.0)
      request_store (~> 1.4)
    parallel (1.23.0)
    parser (3.2.2.3)
      ast (~> 2.4.1)
      racc
    pdf-core (0.9.0)
    pg (1.5.3)
    phony (2.20.5)
    phony_rails (0.15.0)
      activesupport (>= 3.0)
      phony (>= 2.18.12)
    prawn (2.4.0)
      pdf-core (~> 0.9.0)
      ttfunk (~> 1.7)
    prettier_print (1.2.1)
    pry (0.14.2)
      coderay (~> 1.1)
      method_source (~> 1.0)
    pry-rails (0.3.9)
      pry (>= 0.10.4)
    public_suffix (5.0.1)
    puma (5.6.7)
      nio4r (~> 2.0)
    pundit (2.3.0)
      activesupport (>= 3.0.0)
    raabro (1.4.0)
    racc (1.7.1)
    rack (2.2.8)
    rack-attack (6.6.1)
      rack (>= 1.0, < 3)
    rack-cors (2.0.1)
      rack (>= 2.0.0)
    rack-mini-profiler (2.3.4)
      rack (>= 1.2.0)
    rack-protection (3.0.6)
      rack
    rack-test (2.1.0)
      rack (>= 1.3)
    rack_session_access (0.2.0)
      builder (>= 2.0.0)
      rack (>= 1.0.0)
    rails (7.0.8)
      actioncable (= 7.0.8)
      actionmailbox (= 7.0.8)
      actionmailer (= 7.0.8)
      actionpack (= 7.0.8)
      actiontext (= 7.0.8)
      actionview (= 7.0.8)
      activejob (= 7.0.8)
      activemodel (= 7.0.8)
      activerecord (= 7.0.8)
      activestorage (= 7.0.8)
      activesupport (= 7.0.8)
      bundler (>= 1.15.0)
      railties (= 7.0.8)
    rails-dom-testing (2.2.0)
      activesupport (>= 5.0.0)
      minitest
      nokogiri (>= 1.6)
    rails-html-sanitizer (1.6.0)
      loofah (~> 2.21)
      nokogiri (~> 1.14)
    railties (7.0.8)
      actionpack (= 7.0.8)
      activesupport (= 7.0.8)
      method_source
      rake (>= 12.2)
      thor (~> 1.0)
      zeitwerk (~> 2.5)
    rainbow (3.1.1)
    rake (13.0.6)
    rb-fsevent (0.11.2)
    rb-inotify (0.10.1)
      ffi (~> 1.0)
    redis (4.8.1)
    redis-client (0.17.0)
      connection_pool
    regexp_parser (2.8.1)
    regexp_property_values (1.4.0)
    remote_syslog_logger (1.0.4)
      syslog_protocol
    request_store (1.5.1)
      rack (>= 1.4)
    responders (3.1.0)
      actionpack (>= 5.2)
      railties (>= 5.2)
    rexml (3.2.5)
    rspec-core (3.12.2)
      rspec-support (~> 3.12.0)
    rspec-expectations (3.12.3)
      diff-lcs (>= 1.2.0, < 2.0)
      rspec-support (~> 3.12.0)
    rspec-mocks (3.12.5)
      diff-lcs (>= 1.2.0, < 2.0)
      rspec-support (~> 3.12.0)
    rspec-rails (5.1.2)
      actionpack (>= 5.2)
      activesupport (>= 5.2)
      railties (>= 5.2)
      rspec-core (~> 3.10)
      rspec-expectations (~> 3.10)
      rspec-mocks (~> 3.10)
      rspec-support (~> 3.10)
    rspec-support (3.12.1)
    rubocop (1.52.1)
      json (~> 2.3)
      parallel (~> 1.10)
      parser (>= 3.2.2.3)
      rainbow (>= 2.2.2, < 4.0)
      regexp_parser (>= 1.8, < 3.0)
      rexml (>= 3.2.5, < 4.0)
      rubocop-ast (>= 1.28.0, < 2.0)
      ruby-progressbar (~> 1.7)
      unicode-display_width (>= 2.4.0, < 3.0)
    rubocop-ast (1.29.0)
      parser (>= 3.2.1.0)
    rubocop-performance (1.18.0)
      rubocop (>= 1.7.0, < 2.0)
      rubocop-ast (>= 0.4.0)
    ruby-lsp (0.3.8)
      language_server-protocol (~> 3.17.0)
      sorbet-runtime
      syntax_tree (>= 5.0.0, < 6)
    ruby-openai (4.2.0)
      faraday (>= 1)
      faraday-multipart (>= 1)
    ruby-progressbar (1.13.0)
    ruby-vips (2.1.4)
      ffi (~> 1.12)
    ruby2_keywords (0.0.5)
    rufus-scheduler (3.9.1)
      fugit (~> 1.1, >= 1.1.6)
    safely_block (0.4.0)
    sanitize (6.0.2)
      crass (~> 1.0.2)
      nokogiri (>= 1.12.0)
    sass-rails (6.0.0)
      sassc-rails (~> 2.1, >= 2.1.1)
    sassc (2.4.0)
      ffi (~> 1.9)
    sassc-rails (2.1.2)
      railties (>= 4.0.0)
      sassc (>= 2.0)
      sprockets (> 3.0)
      sprockets-rails
      tilt
    scout_apm (5.3.5)
      parser
    seedbank (0.5.0)
      rake (>= 10.0)
    sentry-ruby (5.9.0)
      concurrent-ruby (~> 1.0, >= 1.0.2)
    sidekiq (7.1.4)
      concurrent-ruby (< 2)
      connection_pool (>= 2.3.0)
      rack (>= 2.2.4)
      redis-client (>= 0.14.0)
    sidekiq-scheduler (5.0.3)
      rufus-scheduler (~> 3.2)
      sidekiq (>= 6, < 8)
      tilt (>= 1.4.0)
    simplecov (0.22.0)
      docile (~> 1.1)
      simplecov-html (~> 0.11)
      simplecov_json_formatter (~> 0.1)
    simplecov-html (0.12.3)
    simplecov_json_formatter (0.1.4)
    slim (5.1.1)
      temple (~> 0.10.0)
      tilt (>= 2.1.0)
    smarter_csv (1.8.5)
    snaky_hash (2.0.1)
      hashie
      version_gem (~> 1.1, >= 1.1.1)
    sorbet-runtime (0.5.10899)
    sprockets (4.2.0)
      concurrent-ruby (~> 1.0)
      rack (>= 2.2.4, < 4)
    sprockets-rails (3.4.2)
      actionpack (>= 5.2)
      activesupport (>= 5.2)
      sprockets (>= 3.0.0)
    stackprof (0.2.25)
    standard (1.29.0)
      language_server-protocol (~> 3.17.0.2)
      lint_roller (~> 1.0)
      rubocop (~> 1.52.0)
      standard-custom (~> 1.0.0)
      standard-performance (~> 1.1.0)
    standard-custom (1.0.1)
      lint_roller (~> 1.0)
    standard-performance (1.1.0)
      lint_roller (~> 1.0)
      rubocop-performance (~> 1.18.0)
    stimulus-rails (1.2.1)
      railties (>= 6.0.0)
    stripe (8.5.0)
    syntax_tree (5.3.0)
      prettier_print (>= 1.2.0)
    syslog_protocol (0.9.2)
    tailwindcss-rails (2.0.29-aarch64-linux)
      railties (>= 6.0.0)
    tailwindcss-rails (2.0.29-arm64-darwin)
      railties (>= 6.0.0)
    tailwindcss-rails (2.0.29-x86_64-linux)
      railties (>= 6.0.0)
    temple (0.10.2)
    thor (1.2.2)
    tilt (2.2.0)
    timecop (0.9.6)
    timeout (0.4.0)
    trix (0.10.1)
      rails
    ttfunk (1.7.0)
    turbo-rails (1.4.0)
      actionpack (>= 6.0.0)
      activejob (>= 6.0.0)
      railties (>= 6.0.0)
    twilio-ruby (6.2.0)
      faraday (>= 0.9, < 3.0)
      jwt (>= 1.5, < 3.0)
      nokogiri (>= 1.6, < 2.0)
    tzinfo (2.0.6)
      concurrent-ruby (~> 1.0)
    unf (0.1.4)
      unf_ext
    unf_ext (0.0.8.2)
    unicode-display_width (2.4.2)
    version_gem (1.1.3)
    warden (1.2.9)
      rack (>= 2.0.9)
    web-console (4.2.0)
      actionview (>= 6.0.0)
      activemodel (>= 6.0.0)
      bindex (>= 0.4.0)
      railties (>= 6.0.0)
    webrick (1.8.1)
    websocket-driver (0.7.6)
      websocket-extensions (>= 0.1.0)
    websocket-extensions (0.1.5)
    xpath (3.2.0)
      nokogiri (~> 1.8)
    zeitwerk (2.6.11)

PLATFORMS
  aarch64-linux-musl
  arm64-darwin-22
  x86_64-linux

DEPENDENCIES
  StreetAddress
  active_storage_validations
  acts-as-taggable-on (~> 9.0)
  acts_as_list
  ahoy_email
  ahoy_matey
  auto_strip_attributes
  awesome_print
  aws-sdk-s3
  blazer
  bootsnap
  byebug (~> 11.1)
  capybara
  chroma
  client_side_validations
  colorize
  convert_api
  cuprite
  daypack!
  devise
  devise_invitable
  dotenv-rails (~> 2.7)
  factory_bot_rails (~> 6.2)
  faker
  faraday
  flipper
  flipper-active_record
  flipper-ui
  geared_pagination
  honeybadger (~> 4.0)
  humanize
  icalendar
  ice_cube!
  image_processing
  importmap-rails
  launchy
  ledermann-rails-settings
  listen (~> 3.7)
  lograge
  loofah (>= 2.19.1)
  nokogiri (>= 1.14.3)
  noticed (~> 1.6)
  omniauth
  omniauth-google-oauth2
  omniauth-rails_csrf_protection (~> 1.0)
  openweathermap
  paper_trail
  pg
  phony_rails
  prawn
  pry-rails
  puma (~> 5.0)
  pundit
  rack (>= 2.2.6.4)
  rack-attack
  rack-cors
  rack-mini-profiler (~> 2.3)
  rack_session_access
  rails (~> 7.0.0)
  rails-html-sanitizer (>= 1.4.4)
  redis (~> 4.0)
  remote_syslog_logger
  rexml
  rspec-rails (~> 5.0)
  rubocop
  ruby-lsp (~> 0.3.7)
  ruby-openai
  sanitize (>= 6.0.2)
  sass-rails (~> 6.0)
  scout_apm
  seedbank
  sentry-ruby
  sidekiq
  sidekiq-scheduler
  simplecov
  slim
  smarter_csv
  sprockets-rails
  stackprof
  standard (>= 1.0)
  stimulus-rails
  stripe
  tailwindcss-rails
  timecop
  trix
  turbo-rails
  twilio-ruby
  web-console (~> 4.1)

RUBY VERSION
   ruby 3.2.2p53

BUNDLED WITH
   2.4.10
